GIT
  remote: git://github.com/treeder/rack-flash.git
  revision: 20e393cdce030f35422dba545a1fed91ed398b29
  specs:
    rack-flash3 (1.0.5)
      rack

GEM
  remote: https://rubygems.org/
  specs:
    actionview (4.1.9)
      activesupport (= 4.1.9)
      builder (~> 3.1)
      erubis (~> 2.7.0)
    activesupport (4.1.9)
      i18n (~> 0.6, >= 0.6.9)
      json (~> 1.7, >= 1.7.7)
      minitest (~> 5.1)
      thread_safe (~> 0.1)
      tzinfo (~> 1.1)
    addressable (2.3.7)
    aws-sdk (2.1.23)
      aws-sdk-resources (= 2.1.23)
    aws-sdk-core (2.1.23)
      jmespath (~> 1.0)
    aws-sdk-resources (2.1.23)
      aws-sdk-core (= 2.1.23)
    backports (3.6.4)
    builder (3.2.2)
    byebug (3.5.1)
      columnize (~> 0.8)
      debugger-linecache (~> 1.2)
      slop (~> 3.6)
    colorize (0.7.7)
    columnize (0.9.0)
    cryptor (1.1.1)
      ordo (>= 0.0.2)
    debugger-linecache (1.2.0)
    domain_name (0.5.24)
      unf (>= 0.0.5, < 1.0.0)
    erubis (2.7.0)
    ffi (1.9.6)
    haml (4.0.6)
      tilt
    http (0.9.4)
      addressable (~> 2.3)
      http-cookie (~> 1.0)
      http-form_data (~> 1.0.1)
      http_parser.rb (~> 0.6.0)
    http-cookie (1.0.2)
      domain_name (~> 0.5)
    http-form_data (1.0.1)
    http_parser.rb (0.6.0)
    i18n (0.7.0)
    jmespath (1.1.3)
    json (1.8.2)
    launchy (2.4.3)
      addressable (~> 2.3)
    letter_opener (1.3.0)
      launchy (~> 2.2)
    mail (2.6.3)
      mime-types (>= 1.16, < 3)
    mime-types (2.4.3)
    minitest (5.5.1)
    multi_json (1.10.1)
    ordo (0.0.2)
    puma (2.11.1)
      rack (>= 1.1, < 2.0)
    rack (1.6.0)
    rack-json-logs (1.1)
      colorize
      json
      trollop
    rack-parser (0.6.1)
      rack
    rack-protection (1.5.3)
      rack
    rack-ssl-enforcer (0.2.8)
    rack-test (0.6.3)
      rack (>= 1.0)
    rake (10.4.2)
    rbnacl (3.1.2)
      ffi
    rbnacl-libsodium (1.0.2)
      rbnacl (~> 3.0, >= 3.0.1)
    redcarpet (3.2.2)
    redis (3.2.1)
    shotgun (0.9)
      rack (>= 1.0)
    sinatra (1.4.5)
      rack (~> 1.4)
      rack-protection (~> 1.4)
      tilt (~> 1.3, >= 1.3.4)
    sinatra-contrib (1.4.2)
      backports (>= 2.0)
      multi_json
      rack-protection
      rack-test
      sinatra (~> 1.4.0)
      tilt (~> 1.3)
    slop (3.6.0)
    thread_safe (0.3.4)
    tilt (1.4.1)
    trollop (2.1.2)
    tzinfo (1.2.2)
      thread_safe (~> 0.1)
    unf (0.1.4)
      unf_ext
    unf_ext (0.0.7.1)

PLATFORMS
  ruby

DEPENDENCIES
  actionview
  aws-sdk (~> 2)
  byebug
  cryptor
  haml
  http
  letter_opener
  mail
  puma
  rack-flash3!
  rack-json-logs
  rack-parser
  rack-ssl-enforcer
  rake
  rbnacl-libsodium
  redcarpet
  redis
  shotgun
  sinatra
  sinatra-contrib

BUNDLED WITH
   1.11.2
